PATH
  remote: .
  specs:
    rulers (0.0.1)
      rack (~> 2.2)
      webrick

GEM
  remote: https://rubygems.org/
  specs:
    minitest (5.14.4)
    rack (2.2.5)
    rack-test (1.1.0)
      rack (>= 1.0, < 3)
    rake (13.0.6)
    webrick (1.7.0)

PLATFORMS
  x86_64-darwin-21

DEPENDENCIES
  minitest
  rack-test
  rake (~> 13.0)
  rulers!

BUNDLED WITH
   2.2.32
