PATH
  remote: .
  specs:
    rulers (0.0.1)
      rack (~> 2.2)
      webrick

GEM
  remote: https://rubygems.org/
  specs:
    rack (2.2.5)
    rake (13.0.6)
    webrick (1.7.0)

PLATFORMS
  x86_64-darwin-21

DEPENDENCIES
  rake (~> 13.0)
  rulers!

BUNDLED WITH
   2.2.32
